GEM
  remote: https://rubygems.org/
  specs:
    bcrypt (3.1.11)
    mustermann (1.0.2)
    rack (2.0.4)
    rack-protection (2.0.1)
      rack
    sinatra (2.0.1)
      mustermann (~> 1.0)
      rack (~> 2.0)
      rack-protection (= 2.0.1)
      tilt (~> 2.0)
    sinatra-cross_origin (0.4.0)
    sqlite3 (1.3.13)
    tilt (2.0.8)

PLATFORMS
  ruby

DEPENDENCIES
  bcrypt
  sinatra
  sinatra-cross_origin
  sqlite3

BUNDLED WITH
   1.12.5
